GEM
  remote: https://rubygems.org/
  specs:
    rack (2.2.6.2)

PLATFORMS
  ruby
  x64-mingw32

DEPENDENCIES
  rack

BUNDLED WITH
   2.1.4
